GEM
  remote: http://rubygems.org/
  specs:
    rake (0.9.2)
    shoulda (2.11.3)
    yard (0.7.2)

PLATFORMS
  ruby

DEPENDENCIES
  rake (~> 0.9.2)
  shoulda (~> 2.11.3)
  yard (~> 0.7.2)
